GEM
  remote: http://rubygems.org/
  specs:
    addressable (2.2.8)
    chronic (0.6.7)
    coderay (1.0.7)
    css_parser (1.2.6)
      addressable
      rdoc
    haml (3.1.6)
    htmlentities (4.3.1)
    json (1.7.3)
    method_source (0.7.1)
    mime-types (1.19)
    nokogiri (1.5.5)
    premailer (1.7.3)
      css_parser (>= 1.1.9)
      htmlentities (>= 4.0.0)
    pry (0.9.9.6)
      coderay (~> 1.0.5)
      method_source (~> 0.7.1)
      slop (>= 2.4.4, < 3)
    rdoc (3.12)
      json (~> 1.4)
    rest-client (1.6.7)
      mime-types (>= 1.16)
    slop (2.4.4)
    tilt (1.3.3)
    yajl-ruby (1.1.0)

PLATFORMS
  ruby

DEPENDENCIES
  chronic
  haml
  nokogiri
  premailer
  pry
  rest-client (~> 1.6)
  tilt
  yajl-ruby (~> 1.1)
