GEM
  remote: http://rubygems.org/
  specs:
    chronic (0.6.7)
    mime-types (1.19)
    nokogiri (1.5.5)
    rest-client (1.6.7)
      mime-types (>= 1.16)
    yajl-ruby (1.1.0)

PLATFORMS
  ruby

DEPENDENCIES
  chronic
  nokogiri
  rest-client (~> 1.6)
  yajl-ruby (~> 1.1)
